FRAMEWORK: >= NET452
NUGET
  remote: http://api.nuget.org/v3/index.json
    Castle.Core (3.3.3)
    CommonServiceLocator (1.3)
    Elasticsearch.Net (2.4.6)
    FluentAssertions (4.16)
    Moq (4.5.23)
      Castle.Core (>= 3.3.3)
    Serilog (2.3)
    Serilog.Sinks.ElasticSearch (4.1.1)
      Elasticsearch.Net (>= 2.4.2)
      Serilog (>= 2.2.1)
      Serilog.Sinks.File (>= 3.0.1)
      Serilog.Sinks.PeriodicBatching (>= 2.0)
      Serilog.Sinks.RollingFile (>= 3.0.1)
    Serilog.Sinks.File (3.1)
      Serilog (>= 2.3)
    Serilog.Sinks.MSSqlServer (4.1.1)
      Serilog (>= 2.0)
      Serilog.Sinks.PeriodicBatching (>= 2.0)
    Serilog.Sinks.PeriodicBatching (2.1)
      Serilog (>= 2.0)
    Serilog.Sinks.RollingFile (3.2)
      Serilog.Sinks.File (>= 3.1)
    Unity (4.0.1)
      CommonServiceLocator (>= 1.3)
    Unity.Interception (4.0.1)
      Unity (>= 4.0.1)
    xunit (2.1)
      xunit.assert (2.1)
      xunit.core (2.1)
    xunit.abstractions (2.0)
    xunit.assert (2.1)
    xunit.core (2.1)
      xunit.extensibility.core (2.1)
      xunit.extensibility.execution (2.1)
    xunit.extensibility.core (2.1)
      xunit.abstractions (2.0)
    xunit.extensibility.execution (2.1)
      xunit.extensibility.core (2.1)
    xunit.runner.visualstudio (2.2.0-beta4-build1194)
